GEM
  remote: https://rubygems.org/
  specs:
    activesupport (4.0.5)
      i18n (~> 0.6, >= 0.6.9)
      minitest (~> 4.2)
      multi_json (~> 1.3)
      thread_safe (~> 0.1)
      tzinfo (~> 0.3.37)
    addressable (2.3.6)
    amq-protocol (1.9.2)
    bunny (1.1.9)
      amq-protocol (>= 1.9.2)
    celluloid (0.15.2)
      timers (~> 1.1.0)
    dotenv (0.11.1)
      dotenv-deployment (~> 0.0.2)
    dotenv-deployment (0.0.2)
    foreman (0.63.0)
      dotenv (>= 0.7)
      thor (>= 0.13.6)
    foreman (0.63.0-java)
      dotenv (>= 0.7)
      thor (>= 0.13.6)
    haml (4.0.5)
      tilt
    i18n (0.6.9)
    jdbc-postgres (9.3.1101)
    json (1.8.1)
    json (1.8.1-java)
    mime-types (2.3)
    mimemagic (0.2.1)
    mini_portile (0.6.0)
    minitest (4.7.5)
    multi_json (1.10.1)
    nokogiri (1.6.2.1)
      mini_portile (= 0.6.0)
    nokogiri (1.6.2.1-java)
    pg (0.17.1)
    puma (3.12.6)
    puma (3.12.6-java)
    rack (1.6.13)
    rack-protection (1.5.3)
      rack
    rest-client (1.6.7)
      mime-types (>= 1.16)
    robots (0.10.1)
    ruby-ntlm (0.0.1)
    sequel (4.10.0)
    sinatra (1.4.5)
      rack (~> 1.4)
      rack-protection (~> 1.4)
      tilt (~> 1.3, >= 1.3.4)
    stemmer (1.0.1)
    sucker_punch (1.0.5)
      celluloid (~> 0.15.2)
    thor (0.19.1)
    thread_safe (0.3.3)
    thread_safe (0.3.3-java)
    tilt (1.4.1)
    timers (1.1.0)
    tzinfo (0.3.39)

PLATFORMS
  java
  ruby

DEPENDENCIES
  activesupport (~> 4.0.2)
  addressable (~> 2.3.6)
  bunny (~> 1.1.0)
  celluloid (~> 0.15.2)
  foreman (~> 0.63.0)
  haml (~> 4.0.5)
  jdbc-postgres (~> 9.3)
  json (~> 1.8.1)
  mimemagic (~> 0.2.1)
  nokogiri (~> 1.6.2.1)
  pg (~> 0.17.1)
  puma (~> 3.12.6)
  rest-client (~> 1.6.7)
  robots (~> 0.10.1)
  ruby-ntlm (~> 0.0.1)
  sequel (~> 4.10.0)
  sinatra (~> 1.4.4)
  stemmer (~> 1.0.1)
  sucker_punch (~> 1.0)
